PATH
  remote: .
  specs:
    majek (0.1.4)
      md_inc (= 0.3.1)

GEM
  remote: https://rubygems.org/
  specs:
    diff-lcs (1.1.3)
    md_inc (0.3.1)
    rake (10.0.3)
    rspec (2.11.0)
      rspec-core (~> 2.11.0)
      rspec-expectations (~> 2.11.0)
      rspec-mocks (~> 2.11.0)
    rspec-core (2.11.1)
    rspec-expectations (2.11.3)
      diff-lcs (~> 1.1.3)
    rspec-mocks (2.11.3)

PLATFORMS
  ruby

DEPENDENCIES
  majek!
  rake
  rspec
